GIT
  remote: git://github.com/pawelpacana/webmachine-test.git
  revision: ded7701a6e7bea88f6d788e0600669e7d8ef7f23
  specs:
    webmachine-test (0.0.0)
      webmachine

GIT
  remote: git://github.com/seancribbs/webmachine-ruby.git
  revision: b7ec78d69ba4daebe07da8e778cb3cfd1da8a6a1
  specs:
    webmachine (0.3.0)
      i18n (>= 0.4.0)

GEM
  remote: http://rubygems.org/
  specs:
    activemodel (3.1.3)
      activesupport (= 3.1.3)
      builder (~> 3.0.0)
      i18n (~> 0.6)
    activesupport (3.1.3)
      multi_json (~> 1.0)
    ansi (1.4.1)
    bson (1.5.2)
    bson_ext (1.5.2)
      bson (= 1.5.2)
    builder (3.0.0)
    database_cleaner (0.7.0)
    factory_girl (2.4.1)
      activesupport
    i18n (0.6.0)
    mongo (1.5.2)
      bson (= 1.5.2)
    mongoid (2.4.1)
      activemodel (~> 3.1)
      mongo (~> 1.3)
      tzinfo (~> 0.3.22)
    multi_json (1.0.4)
    turn (0.8.2)
      ansi (>= 1.2.2)
    tzinfo (0.3.31)

PLATFORMS
  ruby

DEPENDENCIES
  bson_ext (~> 1.5.2)
  database_cleaner (~> 0.7.0)
  factory_girl (~> 2.4.1)
  mongoid (~> 2.4.0)
  turn (= 0.8.2)
  webmachine!
  webmachine-test!
